PATH
  remote: .
  specs:
    em-kafka (0.0.1)
      eventmachine-le
      oj

GEM
  remote: http://rubygems.org/
  specs:
    diff-lcs (1.2.4)
    eventmachine-le (1.1.5)
    oj (2.1.4)
    rake (10.1.0)
    rspec (2.14.1)
      rspec-core (~> 2.14.0)
      rspec-expectations (~> 2.14.0)
      rspec-mocks (~> 2.14.0)
    rspec-core (2.14.5)
    rspec-expectations (2.14.2)
      diff-lcs (>= 1.1.3, < 2.0)
    rspec-mocks (2.14.3)

PLATFORMS
  ruby

DEPENDENCIES
  em-kafka!
  rake
  rspec
